GEM
  remote: http://rubygems.org/
  specs:
    activemodel (6.1.7.10)
      activesupport (= 6.1.7.10)
    activerecord (6.1.7.10)
      activemodel (= 6.1.7.10)
      activesupport (= 6.1.7.10)
    activerecord-jdbc-adapter (61.3-java)
      activerecord (~> 6.1.0)
    activerecord-jdbcmysql-adapter (61.3-java)
      activerecord-jdbc-adapter (= 61.3)
      jdbc-mysql (>= 5.1.36, < 9)
    activerecord-jdbcpostgresql-adapter (61.3-java)
      activerecord-jdbc-adapter (= 61.3)
      jdbc-postgres (>= 9.4, < 43)
    activesupport (6.1.7.10)
      concurrent-ruby (~> 1.0, >= 1.0.2)
      i18n (>= 1.6, < 2)
      minitest (>= 5.1)
      tzinfo (~> 2.0)
      zeitwerk (~> 2.3)
    awesome_print (1.7.0)
    bigdecimal (3.3.1)
    bigdecimal (3.3.1-java)
    concurrent-ruby (1.3.5)
    crack (0.4.3)
      safe_yaml (~> 1.0.0)
    diff-lcs (1.3)
    docile (1.1.5)
    i18n (1.14.7)
      concurrent-ruby (~> 1.0)
    jdbc-mysql (8.4.0.1)
    jdbc-postgres (42.7.8)
    json (2.15.1)
    json (2.15.1-java)
    minitest (5.26.0)
    mysql2 (0.5.7)
      bigdecimal
    pg (1.6.2)
    rake (12.0.0)
    rspec (3.5.0)
      rspec-core (~> 3.5.0)
      rspec-expectations (~> 3.5.0)
      rspec-mocks (~> 3.5.0)
    rspec-core (3.5.4)
      rspec-support (~> 3.5.0)
    rspec-expectations (3.5.0)
      diff-lcs (>= 1.2.0, < 2.0)
      rspec-support (~> 3.5.0)
    rspec-mocks (3.5.0)
      diff-lcs (>= 1.2.0, < 2.0)
      rspec-support (~> 3.5.0)
    rspec-support (3.5.0)
    safe_yaml (1.0.4)
    simplecov (0.14.1)
      docile (~> 1.1.0)
      json (>= 1.8, < 3)
      simplecov-html (~> 0.10.0)
    simplecov-html (0.10.1)
    tzinfo (2.0.6)
      concurrent-ruby (~> 1.0)
    zeitwerk (2.6.18)

PLATFORMS
  java
  ruby

DEPENDENCIES
  activerecord (~> 6.1)
  activerecord-jdbc-adapter
  activerecord-jdbcmysql-adapter
  activerecord-jdbcpostgresql-adapter
  awesome_print
  bigdecimal
  crack
  jdbc-mysql
  jdbc-postgres
  mysql2
  pg
  rake
  rspec
  simplecov

BUNDLED WITH
   2.4.22
