GEM
  remote: http://rubygems.org/
  specs:
    activemodel (5.2.8.1)
      activesupport (= 5.2.8.1)
    activerecord (5.2.8.1)
      activemodel (= 5.2.8.1)
      activesupport (= 5.2.8.1)
      arel (>= 9.0)
    activerecord-jdbc-adapter (52.8-java)
      activerecord (~> 5.2.0)
    activerecord-jdbcmysql-adapter (52.8-java)
      activerecord-jdbc-adapter (= 52.8)
      jdbc-mysql (>= 5.1.36, < 9)
    activerecord-jdbcpostgresql-adapter (52.8-java)
      activerecord-jdbc-adapter (= 52.8)
      jdbc-postgres (>= 9.4, < 43)
    activesupport (5.2.8.1)
      concurrent-ruby (~> 1.0, >= 1.0.2)
      i18n (>= 0.7, < 2)
      minitest (~> 5.1)
      tzinfo (~> 1.1)
    arel (9.0.0)
    awesome_print (1.7.0)
    bigdecimal (3.0.2)
    concurrent-ruby (1.3.5)
    crack (0.4.3)
      safe_yaml (~> 1.0.0)
    diff-lcs (1.3)
    docile (1.1.5)
    i18n (1.14.7)
      concurrent-ruby (~> 1.0)
    jdbc-mysql (8.4.0.1)
    jdbc-postgres (42.7.8)
    json (2.0.2)
    json (2.0.2-java)
    minitest (5.15.0)
    mysql2 (0.5.7)
      bigdecimal
    pg (0.20.0)
    rake (12.0.0)
    rspec (3.5.0)
      rspec-core (~> 3.5.0)
      rspec-expectations (~> 3.5.0)
      rspec-mocks (~> 3.5.0)
    rspec-core (3.5.4)
      rspec-support (~> 3.5.0)
    rspec-expectations (3.5.0)
      diff-lcs (>= 1.2.0, < 2.0)
      rspec-support (~> 3.5.0)
    rspec-mocks (3.5.0)
      diff-lcs (>= 1.2.0, < 2.0)
      rspec-support (~> 3.5.0)
    rspec-support (3.5.0)
    safe_yaml (1.0.4)
    simplecov (0.14.1)
      docile (~> 1.1.0)
      json (>= 1.8, < 3)
      simplecov-html (~> 0.10.0)
    simplecov-html (0.10.1)
    thread_safe (0.3.6)
    thread_safe (0.3.6-java)
    tzinfo (1.2.11)
      thread_safe (~> 0.1)

PLATFORMS
  java
  ruby

DEPENDENCIES
  activerecord (~> 5.0)
  activerecord-jdbc-adapter
  activerecord-jdbcmysql-adapter
  activerecord-jdbcpostgresql-adapter
  awesome_print
  bigdecimal
  crack
  jdbc-mysql
  jdbc-postgres
  mysql2
  pg
  rake
  rspec
  simplecov

BUNDLED WITH
   2.3.0
