GEM
  remote: http://rubygems.org/
  specs:
    activemodel (7.1.5.2)
      activesupport (= 7.1.5.2)
    activerecord (7.1.5.2)
      activemodel (= 7.1.5.2)
      activesupport (= 7.1.5.2)
      timeout (>= 0.4.0)
    activerecord-jdbc-adapter (71.0-java)
      activerecord (~> 7.1.3)
    activerecord-jdbcmysql-adapter (71.0-java)
      activerecord-jdbc-adapter (= 71.0)
      jdbc-mysql (>= 5.1.36, < 9)
    activerecord-jdbcpostgresql-adapter (71.0-java)
      activerecord-jdbc-adapter (= 71.0)
      jdbc-postgres (>= 9.4, < 43)
    activesupport (7.1.5.2)
      base64
      benchmark (>= 0.3)
      bigdecimal
      concurrent-ruby (~> 1.0, >= 1.0.2)
      connection_pool (>= 2.2.5)
      drb
      i18n (>= 1.6, < 2)
      logger (>= 1.4.2)
      minitest (>= 5.1)
      mutex_m
      securerandom (>= 0.3)
      tzinfo (~> 2.0)
    awesome_print (1.7.0)
    base64 (0.3.0)
    benchmark (0.4.1)
    bigdecimal (3.3.1)
    bigdecimal (3.3.1-java)
    concurrent-ruby (1.3.5)
    connection_pool (2.5.4)
    crack (0.4.3)
      safe_yaml (~> 1.0.0)
    diff-lcs (1.3)
    docile (1.1.5)
    drb (2.2.3)
    i18n (1.14.7)
      concurrent-ruby (~> 1.0)
    jdbc-mysql (8.4.0.1)
    jdbc-postgres (42.7.8)
    json (2.15.1)
    json (2.15.1-java)
    logger (1.7.0)
    minitest (5.26.0)
    mutex_m (0.3.0)
    mysql2 (0.5.7)
      bigdecimal
    pg (1.6.2)
    rake (12.0.0)
    rspec (3.5.0)
      rspec-core (~> 3.5.0)
      rspec-expectations (~> 3.5.0)
      rspec-mocks (~> 3.5.0)
    rspec-core (3.5.4)
      rspec-support (~> 3.5.0)
    rspec-expectations (3.5.0)
      diff-lcs (>= 1.2.0, < 2.0)
      rspec-support (~> 3.5.0)
    rspec-mocks (3.5.0)
      diff-lcs (>= 1.2.0, < 2.0)
      rspec-support (~> 3.5.0)
    rspec-support (3.5.0)
    safe_yaml (1.0.4)
    securerandom (0.3.2)
    simplecov (0.14.1)
      docile (~> 1.1.0)
      json (>= 1.8, < 3)
      simplecov-html (~> 0.10.0)
    simplecov-html (0.10.1)
    timeout (0.4.3)
    tzinfo (2.0.6)
      concurrent-ruby (~> 1.0)

PLATFORMS
  java
  ruby

DEPENDENCIES
  activerecord (~> 7.1)
  activerecord-jdbc-adapter
  activerecord-jdbcmysql-adapter
  activerecord-jdbcpostgresql-adapter
  awesome_print
  bigdecimal
  crack
  jdbc-mysql
  jdbc-postgres
  mysql2
  pg
  rake
  rspec
  simplecov

BUNDLED WITH
   2.4.22
